PATH
  remote: .
  specs:
    localtunnel (0.2)
      net-ssh
      net-ssh-gateway

GEM
  remote: http://rubygems.org/
  specs:
    net-ssh (2.1.4)
    net-ssh-gateway (1.0.1)
      net-ssh (>= 1.99.1)

PLATFORMS
  ruby

DEPENDENCIES
  localtunnel!
  net-ssh
  net-ssh-gateway
